PATH
  remote: .
  specs:
    release_packager (0.0.1pre2)
      ocra (~> 1.3.0)

GEM
  remote: http://rubygems.org/
  specs:
    ocra (1.3.0)
    rake (0.9.2.2)
    riot (0.12.5)
      rr
    rr (1.0.4)

PLATFORMS
  x86-mingw32

DEPENDENCIES
  rake
  release_packager!
  riot (~> 0.12.5)
