PATH
  remote: .
  specs:
    relapse (0.1.0)
      ocra (~> 1.3.0)
      rake

GEM
  remote: http://rubygems.org/
  specs:
    ocra (1.3.0)
    rake (0.9.2.2)
    riot (0.12.5)
      rr
    rr (1.0.4)
    yard (0.7.3)

PLATFORMS
  ruby
  x86-mingw32

DEPENDENCIES
  relapse!
  riot (~> 0.12.5)
  yard
