GEM
  remote: https://rubygems.org/
  specs:
    colored (1.2)
    cri (2.4.0)
      colored (>= 1.2)
    ocra (1.3.1)
    thor (0.18.1)

PLATFORMS
  ruby

DEPENDENCIES
  cri
  ocra
  thor
